GEM
  remote: http://rubygems.org/
  specs:
    daemons (1.1.9)
    eventmachine (1.0.3)
    hue (0.1.3)
      json
      thor
    json (1.8.1)
    mime-types (2.4.3)
    netrc (0.10.0)
    rack (1.5.2)
    rack-protection (1.5.3)
      rack
    rest-client (1.7.2)
      mime-types (>= 1.16, < 3.0)
      netrc (~> 0.7)
    sinatra (1.4.5)
      rack (~> 1.4)
      rack-protection (~> 1.4)
      tilt (~> 1.3, >= 1.3.4)
    stock_quote (1.2.0)
      json
      rest-client (~> 1.6)
    thin (1.6.3)
      daemons (~> 1.0, >= 1.0.9)
      eventmachine (~> 1.0)
      rack (~> 1.0)
    thor (0.19.1)
    tilt (1.4.1)

PLATFORMS
  ruby

DEPENDENCIES
  hue
  sinatra
  stock_quote
  thin
